GEM
  remote: https://rubygems.org/
  specs:
    addressable (2.3.8)
    descendants_tracker (0.0.4)
      thread_safe (~> 0.3, >= 0.3.1)
    faraday (0.9.2)
      multipart-post (>= 1.2, < 3)
    github_api (0.12.3)
      addressable (~> 2.3)
      descendants_tracker (~> 0.0.4)
      faraday (~> 0.8, < 0.10)
      hashie (>= 3.3)
      multi_json (>= 1.7.5, < 2.0)
      nokogiri (~> 1.6.3)
      oauth2
    hashie (3.4.2)
    jwt (2.6.0)
    mini_portile (0.6.2)
    multi_json (1.15.0)
    multi_xml (0.6.0)
    multipart-post (2.2.3)
    nokogiri (1.6.6.2)
      mini_portile (~> 0.6.0)
    oauth2 (1.4.8)
      faraday (>= 0.8, < 3.0)
      jwt (>= 1.0, < 3.0)
      multi_json (~> 1.3)
      multi_xml (~> 0.5)
      rack (>= 1.2, < 3)
    rack (2.2.6.2)
    thread_safe (0.3.5)

PLATFORMS
  ruby

DEPENDENCIES
  github_api
